GEM
  remote: https://rubygems.org/
  specs:
    http_signatures (1.0.1)

PLATFORMS
  ruby

DEPENDENCIES
  http_signatures (~> 1.0.1)
